GEM
  remote: https://rubygems.org/
  specs:
    pg (0.15.1)
    rake (10.1.0)
    sequel (4.1.1)

PLATFORMS
  ruby

DEPENDENCIES
  pg
  rake
  sequel
